{
  "AcquisitionMatrixPE": 256,
  "AcquisitionNumber": 1,
  "AcquisitionTime": "14:48:29.000000",
  "CoilString": "HNS_Head",
  "ConversionSoftware": "dcm2niix",
  "ConversionSoftwareVersion": "v1.0.20181125  (JP2:OpenJPEG) GCC8.2.0",
  "DeviceSerialNumber": "0000000000651815",
  "EchoTime": 0.003704,
  "FlipAngle": 20,
  "ImageOrientationPatientDICOM": [0.98921, 0.0128484, -0.145941, -0.0368363, 0.985943, -0.162971],
  "ImageType": [
    "ORIGINAL",
    "PRIMARY",
    "OTHER"
],
  "ImagingFrequency": 63.8564,
  "InPlanePhaseEncodingDirectionDICOM": "ROW",
  "InstitutionName": "LHSC_Univ_Hosp",
  "InversionTime": 0.3,
  "MRAcquisitionType": "3D",
  "MagneticFieldStrength": 1.5,
  "Manufacturer": "GE",
  "ManufacturersModelName": "Signa_HDxt",
  "Modality": "MR",
  "PatientPosition": "HFS",
  "PercentPhaseFOV": 90,
  "PixelBandwidth": 177.578,
  "ProcedureStepDescription": "MR_Head",
  "ProtocolName": "AX_3D_STEALTH_HIGH_CNR",
  "ReconMatrixPE": 256,
  "RepetitionTime": 0.008904,
  "SAR": 0.324551,
  "ScanOptions": "FAST_GEMS_EDR_GEMS",
  "ScanningSequence": "GR",
  "SequenceVariant": "SS_SP_SK",
  "SeriesDescription": "AX_3D_STEALTH_HIGH_CNR",
  "SeriesNumber": 3,
  "SliceThickness": 1.4,
  "SoftwareVersions": "15_LX_MR_Software_release:15.0_M4A_0947.a",
  "SpacingBetweenSlices": 1.4,
  "StationName": "MRLXTS"
}