{
  "AcquisitionMatrixPE": 256,
  "AcquisitionNumber": 1,
  "AcquisitionTime": "12:33:6.000000",
  "CoilString": "8HRBRAIN",
  "ConversionSoftware": "dcm2niix",
  "ConversionSoftwareVersion": "v1.0.20181125  (JP2:OpenJPEG) GCC8.2.0",
  "DeviceSerialNumber": "0000000000309579",
  "EchoTime": 0.004144,
  "FlipAngle": 20,
  "ImageOrientationPatientDICOM": [1, 0, 0, 0, 1, 0],
  "ImageType": [
    "ORIGINAL",
    "PRIMARY",
    "OTHER"
],
  "ImagingFrequency": 63.8576,
  "InPlanePhaseEncodingDirectionDICOM": "ROW",
  "InstitutionName": "LHSC_Univ_Hosp",
  "InversionTime": 0.3,
  "MRAcquisitionType": "3D",
  "MagneticFieldStrength": 1.5,
  "Manufacturer": "GE",
  "ManufacturersModelName": "Signa_HDxt",
  "Modality": "MR",
  "PatientPosition": "HFS",
  "PercentPhaseFOV": 90,
  "PixelBandwidth": 162.734,
  "ProcedureStepDescription": "MR_Head_-_Contrast",
  "ProtocolName": "AX_3D_STEALTH_HIGH_CNR",
  "ReconMatrixPE": 256,
  "RepetitionTime": 0.010152,
  "SAR": 0.229529,
  "ScanOptions": "FAST_GEMS_EDR_GEMS",
  "ScanningSequence": "GR",
  "SequenceVariant": "SS_SP_SK",
  "SeriesDescription": "AX_3D_STEALTH_HIGH_CNR",
  "SeriesNumber": 6,
  "SliceThickness": 1.4,
  "SoftwareVersions": "15_LX_MR_Software_release:15.0_M4A_0947.a",
  "SpacingBetweenSlices": 1.4,
  "StationName": "GEMSMRCV"
}